GEM
  remote: https://rubygems.org/
  specs:
    colorize (0.7.7)
    hpricot (0.8.6)
    json (1.8.3)

PLATFORMS
  ruby

DEPENDENCIES
  colorize
  hpricot
  json
